NUGET
  remote: https://www.nuget.org/api/v2
  specs:
    ApiaryProvider (1.0.2) - framework: >= net45
      FSharp.Data (>= 2.0.9) - framework: >= net40, portable-net40+sl50+wp80+win80
    Argu (2.1)
    DotNetZip (1.9.3)
    Edge.js (0.9.2) - framework: >= net45
    FAKE (3.35.0)
    FParsec (1.0.1)
    FSharp.Compiler.CodeDom (0.9.2)
    FSharp.Compiler.Service (0.0.89)
    FSharp.Control.Reactive (2.4.0) - framework: >= net45
      Rx-Core (>= 2.2.5)
      Rx-Interfaces (>= 2.2.5)
      Rx-Linq (>= 2.2.5)
    FSharp.Data (2.0.9) - framework: >= net45
    FSharp.Formatting (2.9.6)
      FSharp.Compiler.Service (>= 0.0.87)
      FSharpVSPowerTools.Core (1.8.0)
    FSharpVSPowerTools.Core (1.8.0)
      FSharp.Compiler.Service (>= 0.0.87)
    FunScript.TypeScript.Binding.google_maps (1.1.0.37) - framework: >= net45
      FunScript.TypeScript.Binding.lib (>= 1.1.0.37)
    FunScript.TypeScript.Binding.highcharts (1.1.0.37) - framework: >= net45
      FunScript.TypeScript.Binding.jquery (>= 1.1.0.37)
      FunScript.TypeScript.Binding.lib (>= 1.1.0.37)
    FunScript.TypeScript.Binding.jquery (1.1.0.37) - framework: >= net45
      FunScript.TypeScript.Binding.lib (>= 1.1.0.37)
    FunScript.TypeScript.Binding.jqueryui (1.1.0.37) - framework: >= net45
      FunScript.TypeScript.Binding.jquery (>= 1.1.0.37)
      FunScript.TypeScript.Binding.lib (>= 1.1.0.37)
    FunScript.TypeScript.Binding.lib (1.1.0.37) - framework: >= net45
    NuGet.CommandLine (2.8.5)
    NUnit (2.6.4)
    NUnit.Runners (2.6.4)
    Rx-Core (2.2.5) - framework: >= net45
      Rx-Interfaces (>= 2.2.5)
    Rx-Interfaces (2.2.5) - framework: >= net45
    Rx-Linq (2.2.5) - framework: >= net45
      Rx-Core (>= 2.2.5)
      Rx-Interfaces (>= 2.2.5)
GITHUB
  remote: Reactive-Extensions/RxJS
  specs:
    dist/rx.all.js (adfb23db9cab3b954b028ae48fc9925decc31cfb)